GEM
  remote: https://rubygems.org/
  specs:
    aws-sdk (2.0.28)
      aws-sdk-resources (= 2.0.28)
    aws-sdk-core (2.0.28)
      builder (~> 3.0)
      jmespath (~> 1.0)
      multi_json (~> 1.0)
      multi_xml (~> 0.5)
    aws-sdk-resources (2.0.28)
      aws-sdk-core (= 2.0.28)
    builder (3.2.2)
    celluloid (0.16.0)
      timers (~> 4.0.0)
    daemons (1.1.9)
    dotenv (1.0.2)
    eventmachine (1.0.7)
    ffi (1.9.6)
    hitimes (1.2.2)
    jmespath (1.0.2)
      multi_json (~> 1.0)
    listen (2.9.0)
      celluloid (>= 0.15.2)
      rb-fsevent (>= 0.9.3)
      rb-inotify (>= 0.9)
    mime-types (2.4.3)
    multi_json (1.10.1)
    multi_xml (0.5.5)
    rack (1.6.0)
    rack-contrib (1.2.0)
      rack (>= 0.9.1)
    rack-livereload (0.3.15)
      rack
    rake (10.4.2)
    rake-tilde (0.1.0)
      listen (~> 2.7)
      rake (~> 10.0)
    rb-fsevent (0.9.4)
    rb-inotify (0.9.5)
      ffi (>= 0.5.0)
    thin (1.6.3)
      daemons (~> 1.0, >= 1.0.9)
      eventmachine (~> 1.0)
      rack (~> 1.0)
    timers (4.0.1)
      hitimes

PLATFORMS
  ruby

DEPENDENCIES
  aws-sdk (~> 2)
  dotenv
  mime-types
  rack
  rack-contrib
  rack-livereload
  rake
  rake-tilde (~> 0.1.0)
  thin
